GEM
  remote: http://rubygems.org/
  specs:
    daemons (1.1.4)
    diff-lcs (1.1.2)
    git (1.2.5)
    jeweler (1.5.2)
      bundler (~> 1.0.0)
      git (>= 1.2.5)
      rake
    mini_magick (3.3)
      subexec (~> 0.1.0)
    rack (1.3.2)
    rake (0.9.2)
    rcov (0.9.10)
    rspec (2.3.0)
      rspec-core (~> 2.3.0)
      rspec-expectations (~> 2.3.0)
      rspec-mocks (~> 2.3.0)
    rspec-core (2.3.1)
    rspec-expectations (2.3.0)
      diff-lcs (~> 1.1.2)
    rspec-mocks (2.3.0)
    subexec (0.1.0)
    trollop (1.16.2)
    yard (0.7.2)

PLATFORMS
  ruby

DEPENDENCIES
  bundler (~> 1.0.0)
  daemons
  jeweler (~> 1.5.2)
  mini_magick
  rack
  rcov
  rspec (~> 2.3.0)
  trollop
  yard
